GEM
  remote: https://rubygems.org/
  specs:
    bacon (1.2.0)
    git (1.2.6)
    jeweler2 (2.0.9)
      git (>= 1.2.5)
    rack (1.5.2)
    rack-protection (1.5.1)
      rack
    rack-test (0.6.2)
      rack (>= 1.0)
    sinatra (1.3.2)
      rack (~> 1.3, >= 1.3.6)
      rack-protection (~> 1.2)
      tilt (~> 1.3, >= 1.3.3)
    tilt (1.4.1)

PLATFORMS
  ruby

DEPENDENCIES
  bacon
  jeweler2
  rack-test
  sinatra (<= 1.3.2)
